PATH
  remote: .
  specs:
    miniskirt (1.2)
      activesupport (>= 2.2)

GEM
  remote: http://rubygems.org/
  specs:
    activesupport (3.2.7)
      i18n (~> 0.6)
      multi_json (~> 1.0)
    i18n (0.6.0)
    multi_json (1.3.6)
    rake (0.9.2.2)

PLATFORMS
  ruby

DEPENDENCIES
  i18n (~> 0.6.0)
  miniskirt!
  rake (~> 0.9.2.2)
